GEM
  remote: https://rubygems.org/
  specs:
    httparty (0.15.6)
      multi_xml (>= 0.5.2)
    json (2.1.0)
    multi_xml (0.6.0)
    net-scp (1.2.1)
      net-ssh (>= 2.6.5)
    net-ssh (4.2.0)
    openapply (0.3.0)
      httparty (~> 0.15)
      json (~> 2.1)
      net-scp (~> 1.2)
      net-ssh (~> 4.2)

PLATFORMS
  ruby

DEPENDENCIES
  openapply (~> 0.3)

BUNDLED WITH
   1.16.1
