GEM
  remote: https://rubygems.org/
  specs:
    httparty (0.15.6)
      multi_xml (>= 0.5.2)
    multi_xml (0.6.0)
    openapply (0.1.0)
      httparty (~> 0.15)

PLATFORMS
  ruby

DEPENDENCIES
  openapply (~> 0.1)

BUNDLED WITH
   1.15.4
